PATH
  remote: .
  specs:
    tiny-record (1.2.0)
      activerecord (~> 7.0)

GEM
  remote: https://rubygems.org/
  specs:
    activemodel (7.0.3.1)
      activesupport (= 7.0.3.1)
    activerecord (7.0.3.1)
      activemodel (= 7.0.3.1)
      activesupport (= 7.0.3.1)
    activesupport (7.0.3.1)
      concurrent-ruby (~> 1.0, >= 1.0.2)
      i18n (>= 1.6, < 2)
      minitest (>= 5.1)
      tzinfo (~> 2.0)
    concurrent-ruby (1.1.10)
    i18n (1.11.0)
      concurrent-ruby (~> 1.0)
    minitest (5.11.3)
    mysql2 (0.4.10)
    rake (13.0.1)
    tzinfo (2.0.4)
      concurrent-ruby (~> 1.0)

PLATFORMS
  ruby

DEPENDENCIES
  activerecord
  bundler (~> 1.16)
  minitest (~> 5.0)
  mysql2 (~> 0.4.0)
  rake (~> 13.0)
  tiny-record!

BUNDLED WITH
   1.17.3
